GEM
  remote: https://rubygems.org/
  specs:
    coderay (1.1.3)
    method_source (1.0.0)
    mustermann (3.0.0)
      ruby2_keywords (~> 0.0.1)
    nio4r (2.5.8)
    pry (0.14.2)
      coderay (~> 1.1)
      method_source (~> 1.0)
    puma (6.0.2)
      nio4r (~> 2.0)
    rack (2.2.4)
    rack-protection (3.0.5)
      rack
    rtesseract (3.1.2)
    ruby2_keywords (0.0.5)
    sinatra (3.0.5)
      mustermann (~> 3.0)
      rack (~> 2.2, >= 2.2.4)
      rack-protection (= 3.0.5)
      tilt (~> 2.0)
    tilt (2.0.11)
    zaru (0.3.0)

PLATFORMS
  x86_64-darwin-20
  x86_64-darwin-21
  x86_64-linux-musl

DEPENDENCIES
  pry
  puma
  rtesseract
  sinatra
  zaru

BUNDLED WITH
   2.2.22
